PATH
  remote: .
  specs:
    slimtimer4r (0.0.1)
      activesupport
      faraday (~> 0.5.4)
      faraday_middleware
      hashie
      multi_xml

GEM
  remote: http://rubygems.org/
  specs:
    activesupport (3.0.3)
    addressable (2.2.4)
    diff-lcs (1.1.2)
    fakeweb (1.3.0)
    faraday (0.5.4)
      addressable (~> 2.2.2)
      multipart-post (~> 1.1.0)
      rack (>= 1.1.0, < 2)
    faraday_middleware (0.3.1)
      faraday (~> 0.5.3)
    hashie (1.0.0)
    multi_xml (0.2.1)
    multipart-post (1.1.0)
    rack (1.2.1)
    rspec (2.4.0)
      rspec-core (~> 2.4.0)
      rspec-expectations (~> 2.4.0)
      rspec-mocks (~> 2.4.0)
    rspec-core (2.4.0)
    rspec-expectations (2.4.0)
      diff-lcs (~> 1.1.2)
    rspec-mocks (2.4.0)

PLATFORMS
  ruby

DEPENDENCIES
  activesupport
  fakeweb
  faraday (~> 0.5.4)
  faraday_middleware
  hashie
  multi_xml
  rspec (~> 2.4.0)
  slimtimer4r!
